PATH
  remote: .
  specs:
    enex (0.1.0)
      builder

GEM
  remote: https://rubygems.org/
  specs:
    builder (3.2.3)
    diff-lcs (1.3)
    rake (13.0.1)
    rspec (3.7.0)
      rspec-core (~> 3.7.0)
      rspec-expectations (~> 3.7.0)
      rspec-mocks (~> 3.7.0)
    rspec-core (3.7.1)
      rspec-support (~> 3.7.0)
    rspec-expectations (3.7.0)
      diff-lcs (>= 1.2.0, < 2.0)
      rspec-support (~> 3.7.0)
    rspec-mocks (3.7.0)
      diff-lcs (>= 1.2.0, < 2.0)
      rspec-support (~> 3.7.0)
    rspec-support (3.7.1)

PLATFORMS
  ruby

DEPENDENCIES
  bundler (~> 2.1.2)
  enex!
  rake (>= 12.3.3)
  rspec (~> 3.0)

BUNDLED WITH
   2.1.2
